GEM
  remote: https://rubygems.org/
  specs:
    ast (2.2.0)
    bundler-audit (0.4.0)
      bundler (~> 1.2)
      thor (~> 0.18)
    parser (2.3.0.6)
      ast (~> 2.2)
    powerpack (0.1.1)
    rainbow (2.1.0)
    rake (11.3.0)
    rubocop (0.38.0)
      parser (>= 2.3.0.6, < 3.0)
      powerpack (~> 0.1)
      rainbow (>= 1.99.1, < 3.0)
      ruby-progressbar (~> 1.7)
      unicode-display_width (~> 1.0, >= 1.0.1)
    ruby-progressbar (1.7.5)
    thor (0.19.1)
    unicode-display_width (1.0.2)

PLATFORMS
  ruby

DEPENDENCIES
  bundler-audit
  rake
  rubocop

BUNDLED WITH
   1.13.5
